GIT
  remote: https://github.com/internetee/company_register.git
  revision: 4181b2fff9080e2d87d15612561131f9e3fdfb4c
  branch: master
  specs:
    company_register (0.1.0)
      activesupport
      savon

GIT
  remote: https://github.com/internetee/directo.git
  revision: 711ce2d942456ee830b649b03b7141e903a1d86b
  branch: master
  specs:
    directo (1.0.1)
      money (~> 6.13)
      nokogiri (~> 1.10)

GIT
  remote: https://github.com/internetee/e_invoice.git
  revision: 7832ef67ae9168bbb6aaba67dce6a69424234ff4
  branch: master
  specs:
    e_invoice (0.1.0)
      builder (~> 3.2)
      nokogiri
      savon

GIT
  remote: https://github.com/internetee/epp-xml.git
  revision: cab8ba4d07b16e664b8ae6d3c6a6821e89a48b78
  branch: master
  specs:
    epp-xml (1.2.0)
      activesupport (>= 4.1)
      builder (~> 3.2)

GIT
  remote: https://github.com/internetee/epp.git
  revision: af7cefda37ac81d14b1d12641cde410776082d59
  branch: master
  specs:
    epp (1.5.0)
      hpricot
      libxml-ruby

GIT
  remote: https://github.com/internetee/lhv.git
  revision: 1fb07818369425510a0172ad53bc86e85b6f83cc
  branch: master
  specs:
    lhv (0.1.0)
      logger
      nokogiri

GIT
  remote: https://github.com/internetee/omniauth-tara.git
  revision: cec845ec3794532144c4976104a07e206d759aa6
  specs:
    omniauth-tara (0.3.0)
      addressable (~> 2.5)
      omniauth (~> 1.3)
      openid_connect (~> 1.1)

GIT
  remote: https://github.com/tarmotalu/digidoc_client.git
  revision: 1645e83a5a548addce383f75703b0275c5310c32
  ref: 1645e83a5a548addce383f75703b0275c5310c32
  specs:
    digidoc_client (0.3.0)
      crack (>= 0.1.8)
      httpclient (>= 2.3.4)
      mime-types (>= 1.16)
      nokogiri (>= 1.4.0)
      savon (>= 2.4.0)

GEM
  remote: https://rubygems.org/
  specs:
    actioncable (6.1.3.2)
      actionpack (= 6.1.3.2)
      activesupport (= 6.1.3.2)
      nio4r (~> 2.0)
      websocket-driver (>= 0.6.1)
    actionmailbox (6.1.3.2)
      actionpack (= 6.1.3.2)
      activejob (= 6.1.3.2)
      activerecord (= 6.1.3.2)
      activestorage (= 6.1.3.2)
      activesupport (= 6.1.3.2)
      mail (>= 2.7.1)
    actionmailer (6.1.3.2)
      actionpack (= 6.1.3.2)
      actionview (= 6.1.3.2)
      activejob (= 6.1.3.2)
      activesupport (= 6.1.3.2)
      mail (~> 2.5, >= 2.5.4)
      rails-dom-testing (~> 2.0)
    actionpack (6.1.3.2)
      actionview (= 6.1.3.2)
      activesupport (= 6.1.3.2)
      rack (~> 2.0, >= 2.0.9)
      rack-test (>= 0.6.3)
      rails-dom-testing (~> 2.0)
      rails-html-sanitizer (~> 1.0, >= 1.2.0)
    actiontext (6.1.3.2)
      actionpack (= 6.1.3.2)
      activerecord (= 6.1.3.2)
      activestorage (= 6.1.3.2)
      activesupport (= 6.1.3.2)
      nokogiri (>= 1.8.5)
    actionview (6.1.3.2)
      activesupport (= 6.1.3.2)
      builder (~> 3.1)
      erubi (~> 1.4)
      rails-dom-testing (~> 2.0)
      rails-html-sanitizer (~> 1.1, >= 1.2.0)
    active_interaction (4.0.1)
      activemodel (>= 5, < 7)
    activejob (6.1.3.2)
      activesupport (= 6.1.3.2)
      globalid (>= 0.3.6)
    activemodel (6.1.3.2)
      activesupport (= 6.1.3.2)
    activerecord (6.1.3.2)
      activemodel (= 6.1.3.2)
      activesupport (= 6.1.3.2)
    activestorage (6.1.3.2)
      actionpack (= 6.1.3.2)
      activejob (= 6.1.3.2)
      activerecord (= 6.1.3.2)
      activesupport (= 6.1.3.2)
      marcel (~> 1.0.0)
      mini_mime (~> 1.0.2)
    activesupport (6.1.3.2)
      concurrent-ruby (~> 1.0, >= 1.0.2)
      i18n (>= 1.6, < 2)
      minitest (>= 5.1)
      tzinfo (~> 2.0)
      zeitwerk (~> 2.3)
    addressable (2.7.0)
      public_suffix (>= 2.0.2, < 5.0)
    aes_key_wrap (1.1.0)
    airbrake (11.0.3)
      airbrake-ruby (~> 5.1)
    airbrake-ruby (5.2.0)
      rbtree3 (~> 0.5)
    akami (1.3.1)
      gyoku (>= 0.4.0)
      nokogiri
    apipie-rails (0.5.18)
      rails (>= 4.1)
    attr_required (1.0.1)
    autoprefixer-rails (10.2.4.0)
      execjs
    aws-eventstream (1.1.1)
    aws-partitions (1.434.0)
    aws-sdk-core (3.113.0)
      aws-eventstream (~> 1, >= 1.0.2)
      aws-partitions (~> 1, >= 1.239.0)
      aws-sigv4 (~> 1.1)
      jmespath (~> 1.0)
    aws-sdk-sesv2 (1.17.0)
      aws-sdk-core (~> 3, >= 3.112.0)
      aws-sigv4 (~> 1.1)
    aws-sigv4 (1.2.3)
      aws-eventstream (~> 1, >= 1.0.2)
    bcrypt (3.1.16)
    bindata (2.4.8)
    bootsnap (1.7.5)
      msgpack (~> 1.0)
    bootstrap-sass (3.4.1)
      autoprefixer-rails (>= 5.2.1)
      sassc (>= 2.0.0)
    builder (3.2.4)
    cancancan (3.2.2)
    capybara (3.35.3)
      addressable
      mini_mime (>= 0.1.3)
      nokogiri (~> 1.8)
      rack (>= 1.6.0)
      rack-test (>= 0.6.3)
      regexp_parser (>= 1.5, < 3.0)
      xpath (~> 3.2)
    childprocess (3.0.0)
    chronic (0.10.2)
    coderay (1.1.3)
    coffee-rails (5.0.0)
      coffee-script (>= 2.2.0)
      railties (>= 5.2.0)
    coffee-script (2.4.1)
      coffee-script-source
      execjs
    coffee-script-source (1.12.2)
    concurrent-ruby (1.1.8)
    connection_pool (2.2.5)
    countries (4.0.0)
      i18n_data (~> 0.13.0)
      sixarm_ruby_unaccent (~> 1.1)
    crack (0.4.5)
      rexml
    crass (1.0.6)
    daemons (1.3.1)
    daemons-rails (1.2.1)
      daemons
      multi_json (~> 1.0)
    data_migrate (7.0.1)
      activerecord (>= 5.0)
      railties (>= 5.0)
    database_cleaner (2.0.1)
      database_cleaner-active_record (~> 2.0.0)
    database_cleaner-active_record (2.0.0)
      activerecord (>= 5.a)
      database_cleaner-core (~> 2.0.0)
    database_cleaner-core (2.0.1)
    devise (4.8.0)
      bcrypt (~> 3.0)
      orm_adapter (~> 0.1)
      railties (>= 4.1.0)
      responders
      warden (~> 1.2.3)
    dnsruby (1.61.6)
      simpleidn (~> 0.1)
    docile (1.3.5)
    domain_name (0.5.20190701)
      unf (>= 0.0.5, < 1.0.0)
    erubi (1.10.0)
    erubis (2.7.0)
    execjs (2.7.0)
    ffi (1.15.0)
    figaro (1.2.0)
      thor (>= 0.14.0, < 2)
    globalid (0.4.2)
      activesupport (>= 4.2.0)
    gyoku (1.3.1)
      builder (>= 2.1.2)
    haml (5.2.1)
      temple (>= 0.8.0)
      tilt
    hashdiff (1.0.1)
    hashie (4.1.0)
    hpricot (0.8.6)
    http-accept (1.7.0)
    http-cookie (1.0.3)
      domain_name (~> 0.5)
    httpclient (2.8.3)
    httpi (2.4.5)
      rack
      socksify
    i18n (1.8.10)
      concurrent-ruby (~> 1.0)
    i18n_data (0.13.0)
    isikukood (0.1.2)
    iso8601 (0.13.0)
    jmespath (1.4.0)
    jquery-rails (4.4.0)
      rails-dom-testing (>= 1, < 3)
      railties (>= 4.2.0)
      thor (>= 0.14, < 2.0)
    jquery-ui-rails (6.0.1)
      railties (>= 3.2.16)
    json (2.5.1)
    json-jwt (1.13.0)
      activesupport (>= 4.2)
      aes_key_wrap
      bindata
    kaminari (1.2.1)
      activesupport (>= 4.1.0)
      kaminari-actionview (= 1.2.1)
      kaminari-activerecord (= 1.2.1)
      kaminari-core (= 1.2.1)
    kaminari-actionview (1.2.1)
      actionview
      kaminari-core (= 1.2.1)
    kaminari-activerecord (1.2.1)
      activerecord
      kaminari-core (= 1.2.1)
    kaminari-core (1.2.1)
    libxml-ruby (3.2.1)
    logger (1.4.3)
    loofah (2.9.1)
      crass (~> 1.0.2)
      nokogiri (>= 1.5.9)
    mail (2.7.1)
      mini_mime (>= 0.1.1)
    marcel (1.0.1)
    method_source (1.0.0)
    mime-types (3.3.1)
      mime-types-data (~> 3.2015)
    mime-types-data (3.2021.0225)
    mimemagic (0.4.3)
      nokogiri (~> 1)
      rake
    mini_mime (1.0.3)
    mini_portile2 (2.5.3)
    minitest (5.14.4)
    monetize (1.9.4)
      money (~> 6.12)
    money (6.13.8)
      i18n (>= 0.6.4, <= 2)
    money-rails (1.14.0)
      activesupport (>= 3.0)
      monetize (~> 1.9.0)
      money (~> 6.13.2)
      railties (>= 3.0)
    msgpack (1.4.2)
    multi_json (1.15.0)
    mustermann (1.1.1)
      ruby2_keywords (~> 0.0.1)
    netrc (0.11.0)
    nio4r (2.5.7)
    nokogiri (1.11.7)
      mini_portile2 (~> 2.5.0)
      racc (~> 1.4)
    nokogiri (1.11.7-x86_64-linux)
      racc (~> 1.4)
    nori (2.6.0)
    omniauth (1.9.1)
      hashie (>= 3.4.6)
      rack (>= 1.6.2, < 3)
    omniauth-rails_csrf_protection (0.1.2)
      actionpack (>= 4.2)
      omniauth (>= 1.3.1)
    openid_connect (1.2.0)
      activemodel
      attr_required (>= 1.0.0)
      json-jwt (>= 1.5.0)
      rack-oauth2 (>= 1.6.1)
      swd (>= 1.0.0)
      tzinfo
      validate_email
      validate_url
      webfinger (>= 1.0.1)
    orm_adapter (0.5.0)
    paper_trail (12.0.0)
      activerecord (>= 5.2)
      request_store (~> 1.1)
    pdfkit (0.8.5)
    pg (1.2.3)
    pry (0.14.1)
      coderay (~> 1.1)
      method_source (~> 1.0)
    public_suffix (4.0.6)
    puma (5.3.2)
      nio4r (~> 2.0)
    que (0.14.3)
    que-web (0.7.2)
      erubis
      que (~> 0.8)
      sinatra
    racc (1.5.2)
    rack (2.2.3)
    rack-oauth2 (1.16.0)
      activesupport
      attr_required
      httpclient
      json-jwt (>= 1.11.0)
      rack (>= 2.1.0)
    rack-protection (2.1.0)
      rack
    rack-test (1.1.0)
      rack (>= 1.0, < 3)
    rails (6.1.3.2)
      actioncable (= 6.1.3.2)
      actionmailbox (= 6.1.3.2)
      actionmailer (= 6.1.3.2)
      actionpack (= 6.1.3.2)
      actiontext (= 6.1.3.2)
      actionview (= 6.1.3.2)
      activejob (= 6.1.3.2)
      activemodel (= 6.1.3.2)
      activerecord (= 6.1.3.2)
      activestorage (= 6.1.3.2)
      activesupport (= 6.1.3.2)
      bundler (>= 1.15.0)
      railties (= 6.1.3.2)
      sprockets-rails (>= 2.0.0)
    rails-dom-testing (2.0.3)
      activesupport (>= 4.2.0)
      nokogiri (>= 1.6)
    rails-html-sanitizer (1.3.0)
      loofah (~> 2.3)
    railties (6.1.3.2)
      actionpack (= 6.1.3.2)
      activesupport (= 6.1.3.2)
      method_source
      rake (>= 0.8.7)
      thor (~> 1.0)
    rake (13.0.3)
    ransack (2.4.2)
      activerecord (>= 5.2.4)
      activesupport (>= 5.2.4)
      i18n
    rbtree3 (0.6.0)
    redis (4.2.5)
    regexp_parser (2.1.1)
    request_store (1.5.0)
      rack (>= 1.4)
    responders (3.0.1)
      actionpack (>= 5.0)
      railties (>= 5.0)
    rest-client (2.1.0)
      http-accept (>= 1.7.0, < 2.0)
      http-cookie (>= 1.0.2, < 2.0)
      mime-types (>= 1.16, < 4.0)
      netrc (~> 0.8)
    rexml (3.2.5)
    ruby2_keywords (0.0.4)
    rubyzip (2.3.0)
    sass-rails (6.0.0)
      sassc-rails (~> 2.1, >= 2.1.1)
    sassc (2.4.0)
      ffi (~> 1.9)
    sassc-rails (2.1.2)
      railties (>= 4.0.0)
      sassc (>= 2.0)
      sprockets (> 3.0)
      sprockets-rails
      tilt
    savon (2.12.1)
      akami (~> 1.2)
      builder (>= 2.1.2)
      gyoku (~> 1.2)
      httpi (~> 2.3)
      nokogiri (>= 1.8.1)
      nori (~> 2.4)
      wasabi (~> 3.4)
    select2-rails (4.0.13)
    selectize-rails (0.12.6)
    selenium-webdriver (3.142.7)
      childprocess (>= 0.5, < 4.0)
      rubyzip (>= 1.2.2)
    sidekiq (6.2.1)
      connection_pool (>= 2.2.2)
      rack (~> 2.0)
      redis (>= 4.2.0)
    simplecov (0.17.1)
      docile (~> 1.1)
      json (>= 1.8, < 3)
      simplecov-html (~> 0.10.0)
    simplecov-html (0.10.2)
    simpleidn (0.2.1)
      unf (~> 0.1.4)
    sinatra (2.1.0)
      mustermann (~> 1.0)
      rack (~> 2.2)
      rack-protection (= 2.1.0)
      tilt (~> 2.0)
    sixarm_ruby_unaccent (1.2.0)
    socksify (1.7.1)
    sprockets (4.0.2)
      concurrent-ruby (~> 1.0)
      rack (> 1, < 3)
    sprockets-rails (3.2.2)
      actionpack (>= 4.0)
      activesupport (>= 4.0)
      sprockets (>= 3.0.0)
    swd (1.2.0)
      activesupport (>= 3)
      attr_required (>= 0.0.5)
      httpclient (>= 2.4)
    temple (0.8.2)
    thor (1.1.0)
    tilt (2.0.10)
    truemail (2.4.2)
      simpleidn (~> 0.2.1)
    tzinfo (2.0.4)
      concurrent-ruby (~> 1.0)
    uglifier (4.2.0)
      execjs (>= 0.3.0, < 3)
    unf (0.1.4)
      unf_ext
    unf_ext (0.0.7.7)
    validate_email (0.1.6)
      activemodel (>= 3.0)
      mail (>= 2.2.5)
    validate_url (1.0.13)
      activemodel (>= 3.0.0)
      public_suffix
    validates_email_format_of (1.6.3)
      i18n
    warden (1.2.9)
      rack (>= 2.0.9)
    wasabi (3.6.1)
      addressable
      httpi (~> 2.0)
      nokogiri (>= 1.4.2)
    webdrivers (4.6.0)
      nokogiri (~> 1.6)
      rubyzip (>= 1.3.0)
      selenium-webdriver (>= 3.0, < 4.0)
    webfinger (1.1.0)
      activesupport
      httpclient (>= 2.4)
    webmock (3.13.0)
      addressable (>= 2.3.6)
      crack (>= 0.3.2)
      hashdiff (>= 0.4.0, < 2.0.0)
    websocket-driver (0.7.3)
      websocket-extensions (>= 0.1.0)
    websocket-extensions (0.1.5)
    whenever (1.0.0)
      chronic (>= 0.6.3)
    wkhtmltopdf-binary (0.12.5.4)
    xpath (3.2.0)
      nokogiri (~> 1.8)
    zeitwerk (2.4.2)

PLATFORMS
  ruby
  x86_64-linux

DEPENDENCIES
  active_interaction (~> 4.0)
  airbrake
  apipie-rails (~> 0.5.18)
  aws-sdk-sesv2 (~> 1.16)
  bootsnap (>= 1.1.0)
  bootstrap-sass (~> 3.4)
  cancancan
  capybara
  coderay (= 1.1.3)
  coffee-rails (>= 5.0)
  company_register!
  countries
  daemons-rails (= 1.2.1)
  data_migrate (~> 7.0)
  database_cleaner
  devise (~> 4.8)
  digidoc_client!
  directo!
  dnsruby (~> 1.61)
  domain_name
  e_invoice!
  epp!
  epp-xml (= 1.2.0)!
  figaro (~> 1.2)
  haml (~> 5.0)
  isikukood
  iso8601 (= 0.13.0)
  jquery-rails
  jquery-ui-rails (= 6.0.1)
  kaminari
  lhv!
  mime-types-data
  mimemagic (= 0.4.3)
  minitest (~> 5.14)
  money-rails
  nokogiri (~> 1.11.7)
  omniauth
  omniauth-rails_csrf_protection
  omniauth-tara!
  paper_trail (~> 12.0)
  pdfkit
  pg (= 1.2.3)
  pry (= 0.14.1)
  puma
  que
  que-web
  rails (~> 6.1.3.2)
  ransack (~> 2.3)
  rest-client
  rexml
  sass-rails
  select2-rails (= 4.0.13)
  selectize-rails (= 0.12.6)
  sidekiq
  simplecov (= 0.17.1)
  simpleidn (= 0.2.1)
  truemail (~> 2.4)
  uglifier
  validates_email_format_of (= 1.6.3)
  webdrivers
  webmock
  whenever (= 1.0.0)
  wkhtmltopdf-binary (~> 0.12.5.1)

BUNDLED WITH
   2.2.20
